GEM
  specs:
    rake (0.9.2)
    test-unit (2.3.1)

PLATFORMS
  x86-mingw32

DEPENDENCIES
  rake
  test-unit
